PATH
  remote: .
  specs:
    observer (1)

GEM
  remote: https://rubygems.org/
  specs:
    metaclass (0.0.4)
    minitest (5.3.2)
    mocha (1.1.0)
      metaclass (~> 0.0.1)
    rake (10.3.2)

PLATFORMS
  ruby

DEPENDENCIES
  minitest
  mocha
  observer!
  rake
