PATH
  remote: .
  specs:
    bystander (1)
      slack-notifier (~> 0.6.0)

GEM
  remote: https://rubygems.org/
  specs:
    metaclass (0.0.4)
    minitest (5.3.2)
    mocha (1.1.0)
      metaclass (~> 0.0.1)
    rake (10.3.2)
    slack-notifier (0.6.0)

PLATFORMS
  ruby

DEPENDENCIES
  bystander!
  minitest
  mocha
  rake
  slack-notifier
